PATH
  remote: ../bloc_record
  specs:
    bloc_record (0.0.0)
      activesupport
      pg (~> 1.0)
      sqlite3 (~> 1.3)

GEM
  remote: https://rubygems.org/
  specs:
    activesupport (5.1.4)
      concurrent-ruby (~> 1.0, >= 1.0.2)
      i18n (~> 0.7)
      minitest (~> 5.1)
      tzinfo (~> 1.1)
    concurrent-ruby (1.0.5)
    i18n (0.9.3)
      concurrent-ruby (~> 1.0)
    minitest (5.11.1)
    pg (1.0.0)
    pg (1.0.0-x86-mingw32)
    sqlite3 (1.3.13)
    sqlite3 (1.3.13-x86-mingw32)
    thread_safe (0.3.6)
    tzinfo (1.2.4)
      thread_safe (~> 0.1)

PLATFORMS
  ruby
  x86-mingw32

DEPENDENCIES
  bloc_record!

BUNDLED WITH
   1.16.1
